GEM
  remote: https://rubygems.org/
  specs:
    awesome_print (1.7.0)
    diff-lcs (1.3)
    openssl-cmac (2.0.0)
    rspec (3.6.0)
      rspec-core (~> 3.6.0)
      rspec-expectations (~> 3.6.0)
      rspec-mocks (~> 3.6.0)
    rspec-core (3.6.0)
      rspec-support (~> 3.6.0)
    rspec-expectations (3.6.0)
      diff-lcs (>= 1.2.0, < 2.0)
      rspec-support (~> 3.6.0)
    rspec-mocks (3.6.0)
      diff-lcs (>= 1.2.0, < 2.0)
      rspec-support (~> 3.6.0)
    rspec-support (3.6.0)

PLATFORMS
  ruby

DEPENDENCIES
  awesome_print
  openssl-cmac
  rspec

BUNDLED WITH
   1.15.1
